GEM
  remote: https://rubygems.org/
  specs:
    activemodel (3.2.22)
      activesupport (= 3.2.22)
      builder (~> 3.0.0)
    activerecord (3.2.22)
      activemodel (= 3.2.22)
      activesupport (= 3.2.22)
      arel (~> 3.0.2)
      tzinfo (~> 0.3.29)
    activesupport (3.2.22)
      i18n (~> 0.6, >= 0.6.4)
      multi_json (~> 1.0)
    addressable (2.3.8)
    arel (3.0.3)
    builder (3.0.4)
    capybara (2.5.0)
      mime-types (>= 1.16)
      nokogiri (>= 1.3.3)
      rack (>= 1.0.0)
      rack-test (>= 0.5.4)
      xpath (~> 2.0)
    capybara-screenshot (1.0.11)
      capybara (>= 1.0, < 3)
      launchy
    childprocess (0.3.9)
      ffi (~> 1.0, >= 1.0.11)
    cliver (0.3.2)
    coderay (1.1.0)
    daemons (1.2.2)
    database_cleaner (1.4.1)
    delayed_job (4.0.6)
      activesupport (>= 3.0, < 5.0)
    delayed_job_active_record (4.0.3)
      activerecord (>= 3.0, < 5.0)
      delayed_job (>= 3.0, < 4.1)
    diff-lcs (1.2.5)
    factory_girl (4.5.0)
      activesupport (>= 3.0.0)
    ffi (1.9.10)
    haml (4.0.6)
      tilt
    http_router (0.11.2)
      rack (>= 1.0.0)
      url_mount (~> 0.2.1)
    i18n (0.7.0)
    itunes_store_transporter (0.1.3)
      childprocess (~> 0.3.2)
      optout (~> 0.0.2)
    launchy (2.4.3)
      addressable (~> 2.3)
    mail (2.6.4)
      mime-types (>= 1.16, < 4)
    mime-types (1.25.1)
    mini_portile (0.6.2)
    moneta (0.7.20)
    multi_json (1.11.2)
    nokogiri (1.6.6.2)
      mini_portile (~> 0.6.0)
    optout (0.0.2)
    padrino (0.12.6)
      padrino-admin (= 0.12.6)
      padrino-cache (= 0.12.6)
      padrino-core (= 0.12.6)
      padrino-gen (= 0.12.6)
      padrino-helpers (= 0.12.6)
      padrino-mailer (= 0.12.6)
      padrino-support (= 0.12.6)
    padrino-admin (0.12.6)
      padrino-core (= 0.12.6)
      padrino-helpers (= 0.12.6)
    padrino-cache (0.12.6)
      moneta (~> 0.7.0)
      padrino-core (= 0.12.6)
      padrino-helpers (= 0.12.6)
    padrino-core (0.12.6)
      activesupport (>= 3.1)
      http_router (~> 0.11.0)
      padrino-support (= 0.12.6)
      rack (< 1.6.0)
      rack-protection (>= 1.5.0)
      sinatra (~> 1.4.2)
      thor (~> 0.18)
    padrino-gen (0.12.6)
      bundler (~> 1.0)
      padrino-core (= 0.12.6)
    padrino-helpers (0.12.6)
      i18n (~> 0.6, >= 0.6.7)
      padrino-support (= 0.12.6)
      tilt (~> 1.4.1)
    padrino-mailer (0.12.6)
      mail (~> 2.5)
      mime-types (< 3)
      padrino-core (= 0.12.6)
    padrino-support (0.12.6)
      activesupport (>= 3.1)
    padrino_bootstrap_forms (0.1.1)
      activesupport (~> 3.1, < 5)
      padrino (~> 0.11, != 0.13.1, != 0.13.0, != 0.12.5, != 0.12.4, != 0.12.3, != 0.12.2, != 0.12.1, != 0.12.0)
    phantomjs (1.9.8.0)
    poltergeist (1.7.0)
      capybara (~> 2.1)
      cliver (~> 0.3.1)
      multi_json (~> 1.0)
      websocket-driver (>= 0.2.0)
    rack (1.5.5)
    rack-protection (1.5.3)
      rack
    rack-test (0.6.3)
      rack (>= 1.0)
    rake (10.4.2)
    rspec (3.3.0)
      rspec-core (~> 3.3.0)
      rspec-expectations (~> 3.3.0)
      rspec-mocks (~> 3.3.0)
    rspec-core (3.3.1)
      rspec-support (~> 3.3.0)
    rspec-expectations (3.3.0)
      diff-lcs (>= 1.2.0, < 2.0)
      rspec-support (~> 3.3.0)
    rspec-mocks (3.3.1)
      diff-lcs (>= 1.2.0, < 2.0)
      rspec-support (~> 3.3.0)
    rspec-support (3.3.0)
    shoulda-matchers (2.8.0)
      activesupport (>= 3.0.0)
    sinatra (1.4.6)
      rack (~> 1.4)
      rack-protection (~> 1.4)
      tilt (>= 1.3, < 3)
    sinatra-flash (0.3.0)
      sinatra (>= 1.0.0)
    sqlite3 (1.3.10)
    thor (0.19.1)
    tilt (1.4.1)
    tzinfo (0.3.44)
    url_mount (0.2.1)
      rack
    websocket-driver (0.6.2)
      websocket-extensions (>= 0.1.0)
    websocket-extensions (0.1.2)
    will_paginate (3.0.7)
    xpath (2.0.0)
      nokogiri (~> 1.3)

PLATFORMS
  ruby

DEPENDENCIES
  activerecord
  capybara-screenshot
  coderay
  daemons
  database_cleaner
  delayed_job
  delayed_job_active_record
  factory_girl
  haml
  itunes_store_transporter (~> 0.1.3)
  padrino-core (= 0.12.6)
  padrino-gen (= 0.12.6)
  padrino-helpers (= 0.12.6)
  padrino_bootstrap_forms (~> 0.1.1)
  phantomjs
  poltergeist
  rack-test
  rake
  rspec
  shoulda-matchers
  sinatra-flash
  sqlite3
  tilt
  will_paginate (~> 3.0)

BUNDLED WITH
   1.12.0.pre.2
