GEM
  remote: https://rubygems.org/
  specs:
    activemodel (3.2.3)
      activesupport (= 3.2.3)
      builder (~> 3.0.0)
    activerecord (3.2.3)
      activemodel (= 3.2.3)
      activesupport (= 3.2.3)
      arel (~> 3.0.2)
      tzinfo (~> 0.3.29)
    activesupport (3.2.3)
      i18n (~> 0.6)
      multi_json (~> 1.0)
    arel (3.0.2)
    bourne (1.1.2)
      mocha (= 0.10.5)
    builder (3.0.0)
    capybara (1.1.4)
      mime-types (>= 1.16)
      nokogiri (>= 1.3.3)
      rack (>= 1.0.0)
      rack-test (>= 0.5.4)
      selenium-webdriver (~> 2.0)
      xpath (~> 0.1.4)
    capybara-webkit (0.13.0)
      capybara (>= 1.0.0, < 1.2)
      json
    childprocess (0.3.9)
      ffi (~> 1.0, >= 1.0.11)
    coderay (1.0.6)
    daemons (1.1.8)
    delayed_job (3.0.5)
      activesupport (~> 3.0)
    delayed_job_active_record (0.3.2)
      activerecord (> 2.1.0)
      delayed_job (~> 3.0.0)
    ffi (1.8.1)
    haml (4.0.5)
      tilt
    http_router (0.11.1)
      rack (>= 1.0.0)
      url_mount (~> 0.2.1)
    i18n (0.6.11)
    itunes_store_transporter (0.1.1)
      childprocess (~> 0.3.2)
      optout (~> 0.0.2)
    json (1.7.7)
    mail (2.5.4)
      mime-types (~> 1.16)
      treetop (~> 1.4.8)
    metaclass (0.0.1)
    mime-types (1.25.1)
    mocha (0.10.5)
      metaclass (~> 0.0.1)
    moneta (0.7.20)
    multi_json (1.10.1)
    nokogiri (1.5.9)
    optout (0.0.2)
    padrino (0.12.3)
      padrino-admin (= 0.12.3)
      padrino-cache (= 0.12.3)
      padrino-core (= 0.12.3)
      padrino-gen (= 0.12.3)
      padrino-helpers (= 0.12.3)
      padrino-mailer (= 0.12.3)
      padrino-support (= 0.12.3)
    padrino-admin (0.12.3)
      padrino-core (= 0.12.3)
      padrino-helpers (= 0.12.3)
    padrino-cache (0.12.3)
      moneta (~> 0.7.0)
      padrino-core (= 0.12.3)
      padrino-helpers (= 0.12.3)
    padrino-core (0.12.3)
      activesupport (>= 3.1)
      http_router (~> 0.11.0)
      padrino-support (= 0.12.3)
      rack-protection (>= 1.5.0)
      sinatra (~> 1.4.2)
      thor (~> 0.18)
    padrino-gen (0.12.3)
      bundler (~> 1.0)
      padrino-core (= 0.12.3)
    padrino-helpers (0.12.3)
      i18n (~> 0.6, >= 0.6.7)
      padrino-support (= 0.12.3)
      tilt (~> 1.4.1)
    padrino-mailer (0.12.3)
      mail (~> 2.5.3)
      padrino-core (= 0.12.3)
    padrino-support (0.12.3)
      activesupport (>= 3.1)
    padrino_bootstrap_forms (0.1.0)
      activesupport (~> 3.1)
      padrino (~> 0.11)
    polyglot (0.3.5)
    rack (1.5.2)
    rack-protection (1.5.3)
      rack
    rack-test (0.6.2)
      rack (>= 1.0)
    rake (0.9.2.2)
    rr (1.0.4)
    rubyzip (0.9.9)
    selenium-webdriver (2.32.1)
      childprocess (>= 0.2.5)
      multi_json (~> 1.0)
      rubyzip
      websocket (~> 1.0.4)
    shoulda (3.3.2)
      shoulda-context (~> 1.0.1)
      shoulda-matchers (~> 1.4.1)
    shoulda-context (1.0.2)
    shoulda-matchers (1.4.2)
      activesupport (>= 3.0.0)
      bourne (~> 1.1.2)
    sinatra (1.4.5)
      rack (~> 1.4)
      rack-protection (~> 1.4)
      tilt (~> 1.3, >= 1.3.4)
    sinatra-flash (0.3.0)
      sinatra (>= 1.0.0)
    sqlite3 (1.3.6)
    thor (0.19.1)
    tilt (1.4.1)
    treetop (1.4.15)
      polyglot
      polyglot (>= 0.3.1)
    tzinfo (0.3.33)
    url_mount (0.2.1)
      rack
    websocket (1.0.7)
    will_paginate (3.0.3)
    xpath (0.1.4)
      nokogiri (~> 1.3)

PLATFORMS
  ruby

DEPENDENCIES
  activerecord
  capybara (~> 1.1.2)
  capybara-webkit (~> 0.13.0)
  coderay
  daemons
  delayed_job
  delayed_job_active_record
  haml
  itunes_store_transporter
  padrino-core (= 0.12.3)
  padrino-gen (= 0.12.3)
  padrino-helpers (= 0.12.3)
  padrino_bootstrap_forms (~> 0.1.0)
  rack-test
  rake
  rr
  shoulda (~> 3)
  sinatra-flash
  sqlite3
  tilt
  will_paginate (~> 3.0)
